GEM
  remote: https://rubygems.org/
  specs:
    egison (1.0.0)
    matsuya (0.2.3)
      egison (~> 1.0)
    mustermann (1.0.2)
    rack (2.0.4)
    rack-protection (2.0.1)
      rack
    sinatra (2.0.1)
      mustermann (~> 1.0)
      rack (~> 2.0)
      rack-protection (= 2.0.1)
      tilt (~> 2.0)
    tilt (2.0.8)

PLATFORMS
  ruby

DEPENDENCIES
  matsuya
  sinatra

RUBY VERSION
   ruby 2.3.0p0

BUNDLED WITH
   1.15.3
