GEM
  remote: https://rubygems.org/
  specs:
    egison (1.0.0)
    matsuya (0.2.3)
      egison (~> 1.0)
    rack (1.6.4)
    rack-protection (1.5.3)
      rack
    sinatra (1.4.7)
      rack (~> 1.5)
      rack-protection (~> 1.4)
      tilt (>= 1.3, < 3)
    tilt (2.0.2)

PLATFORMS
  ruby

DEPENDENCIES
  matsuya
  sinatra

BUNDLED WITH
   1.11.2
